GEM
  remote: https://rubygems.org/
  specs:
    colorator (0.1)
    diff-lcs (1.2.5)
    ffi (1.9.10)
    ffi (1.9.10-x64-mingw32)
    jekyll (3.1.2)
      colorator (~> 0.1)
      jekyll-sass-converter (~> 1.0)
      jekyll-watch (~> 1.1)
      kramdown (~> 1.3)
      liquid (~> 3.0)
      mercenary (~> 0.3.3)
      rouge (~> 1.7)
      safe_yaml (~> 1.0)
    jekyll-sass-converter (1.4.0)
      sass (~> 3.4)
    jekyll-watch (1.3.1)
      listen (~> 3.0)
    kramdown (1.10.0)
    liquid (3.0.6)
    listen (3.0.6)
      rb-fsevent (>= 0.9.3)
      rb-inotify (>= 0.9.7)
    mercenary (0.3.5)
    mini_portile2 (2.8.0)
    nokogiri (1.13.4)
      mini_portile2 (~> 2.8.0)
      racc (~> 1.4)
    nokogiri (1.13.4-x64-mingw32)
      racc (~> 1.4)
    racc (1.6.0)
    rack (1.6.4)
    rb-fsevent (0.9.7)
    rb-inotify (0.9.7)
      ffi (>= 0.5.0)
    rouge (1.10.1)
    rspec (3.4.0)
      rspec-core (~> 3.4.0)
      rspec-expectations (~> 3.4.0)
      rspec-mocks (~> 3.4.0)
    rspec-core (3.4.4)
      rspec-support (~> 3.4.0)
    rspec-expectations (3.4.0)
      diff-lcs (>= 1.2.0, < 2.0)
      rspec-support (~> 3.4.0)
    rspec-mocks (3.4.1)
      diff-lcs (>= 1.2.0, < 2.0)
      rspec-support (~> 3.4.0)
    rspec-support (3.4.1)
    safe_yaml (1.0.4)
    sass (3.4.21)

PLATFORMS
  ruby
  x64-mingw32

DEPENDENCIES
  jekyll
  nokogiri
  rack (~> 1.1)
  rspec

BUNDLED WITH
   1.11.2
